GEM
  remote: https://rubygems.org/
  specs:
    activesupport (4.0.0)
      i18n (~> 0.6, >= 0.6.4)
      minitest (~> 4.2)
      multi_json (~> 1.3)
      thread_safe (~> 0.1)
      tzinfo (~> 0.3.37)
    addressable (2.3.5)
    atomic (1.1.14)
    crack (0.4.1)
      safe_yaml (~> 0.9.0)
    i18n (0.6.5)
    json (1.8.0)
    mime-types (1.25)
    minitest (4.7.5)
    multi_json (1.8.0)
    rest-client (1.6.7)
      mime-types (>= 1.16)
    safe_yaml (0.9.7)
    simplecov (0.7.1)
      multi_json (~> 1.0)
      simplecov-html (~> 0.7.1)
    simplecov-html (0.7.1)
    thread_safe (0.1.3)
      atomic
    tzinfo (0.3.37)
    vcr (2.5.0)
    webmock (1.13.0)
      addressable (>= 2.2.7)
      crack (>= 0.3.2)

PLATFORMS
  ruby

DEPENDENCIES
  activesupport (~> 4.0.0)
  json (~> 1.8.0)
  rest-client (~> 1.6.7)
  simplecov (~> 0.7.1)
  vcr (~> 2.5.0)
  webmock (~> 1.13.0)
